GEM
  remote: https://rubygems.org/
  specs:
    activesupport (4.1.6)
      i18n (~> 0.6, >= 0.6.9)
      json (~> 1.7, >= 1.7.7)
      minitest (~> 5.1)
      thread_safe (~> 0.1)
      tzinfo (~> 1.1)
    chunky_png (1.3.1)
    cssesc (0.1.0)
      activesupport
      cssesc-source
      execjs
    cssesc-source (0.1.0)
    dimensions (1.3.0)
    execjs (2.2.1)
    i18n (0.6.11)
    json (1.8.1)
    mime-types (2.3)
    minitest (5.4.2)
    sass (3.4.5)
    sass-globbing (1.1.0)
      sass (>= 3.1)
    thread_safe (0.3.4)
    tzinfo (1.2.2)
      thread_safe (~> 0.1)

PLATFORMS
  ruby

DEPENDENCIES
  chunky_png
  cssesc
  dimensions
  mime-types
  sass
  sass-globbing (= 1.1.0)
